GEM
  remote: https://rubygems.org/
  specs:
    highline (1.6.21)
    paint (0.9.0)

PLATFORMS
  ruby

DEPENDENCIES
  highline (~> 1.6.21)
  paint (~> 0.9.0)
