GEM
  remote: https://rubygems.org/
  specs:
    paint (0.9.0)

PLATFORMS
  ruby

DEPENDENCIES
  paint
